GEM
  remote: http://rubygems.org/
  specs:
    cri (1.0.1)
    mime-types (1.16)
    nanoc (3.1.6)
      nanoc3 (>= 3.1.6)
    nanoc3 (3.1.6)
      cri (>= 1.0.0)
    rack (1.2.1)
    rainpress (1.0)

PLATFORMS
  ruby

DEPENDENCIES
  mime-types
  nanoc
  rack
  rainpress
